GEM
  remote: https://rubygems.org/
  specs:
    activemodel (4.1.8)
      activesupport (= 4.1.8)
      builder (~> 3.1)
    activerecord (4.1.8)
      activemodel (= 4.1.8)
      activesupport (= 4.1.8)
      arel (~> 5.0.0)
    activesupport (4.1.8)
      i18n (~> 0.6, >= 0.6.9)
      json (~> 1.7, >= 1.7.7)
      minitest (~> 5.1)
      thread_safe (~> 0.1)
      tzinfo (~> 1.1)
    arel (5.0.1.20140414130214)
    bcrypt (3.1.9)
    builder (3.2.2)
    coderay (1.1.0)
    eleetscript (0.0.20a)
    enumerize (0.8.0)
      activesupport (>= 3.2)
    eventmachine (1.0.3)
    highline (1.6.21)
    i18n (0.6.11)
    json (1.8.1)
    memoist (0.11.0)
    method_source (0.8.2)
    minitest (5.4.3)
    pg (0.17.1)
    pry (0.10.1)
      coderay (~> 1.1.0)
      method_source (~> 0.8.1)
      slop (~> 3.4)
    rake (10.3.2)
    slop (3.6.0)
    thor (0.19.1)
    thread_safe (0.3.4)
    tzinfo (1.2.2)
      thread_safe (~> 0.1)

PLATFORMS
  ruby

DEPENDENCIES
  activerecord (~> 4.1.8)
  activesupport (~> 4.1.8)
  bcrypt (~> 3.1.9)
  eleetscript (~> 0.0.20a)
  enumerize (~> 0.8.0)
  eventmachine (~> 1.0.3)
  highline (~> 1.6.21)
  memoist (~> 0.11.0)
  pg (~> 0.17.1)
  pry
  rake (~> 10.3.2)
  thor (~> 0.19.1)
