GEM
  remote: https://rubygems.org/
  specs:
    activemodel (4.0.0)
      activesupport (= 4.0.0)
      builder (~> 3.1.0)
    activerecord (4.0.0)
      activemodel (= 4.0.0)
      activerecord-deprecated_finders (~> 1.0.2)
      activesupport (= 4.0.0)
      arel (~> 4.0.0)
    activerecord-deprecated_finders (1.0.3)
    activesupport (4.0.0)
      i18n (~> 0.6, >= 0.6.4)
      minitest (~> 4.2)
      multi_json (~> 1.3)
      thread_safe (~> 0.1)
      tzinfo (~> 0.3.37)
    arel (4.0.0)
    atomic (1.1.10)
    bcrypt-ruby (3.1.2)
    builder (3.1.4)
    coderay (1.0.9)
    commander (4.1.3)
      highline (~> 1.6.11)
    eleetscript (0.0.13a)
    enumerize (0.7.0)
      activesupport (>= 3.2)
    eventmachine (1.0.3)
    highline (1.6.19)
    i18n (0.6.4)
    method_source (0.8.1)
    minitest (4.7.5)
    multi_json (1.7.7)
    pg (0.15.1)
    pry (0.9.12.2)
      coderay (~> 1.0.5)
      method_source (~> 0.8)
      slop (~> 3.4)
    rake (10.0.4)
    slop (3.4.5)
    thread_safe (0.1.0)
      atomic
    tzinfo (0.3.37)

PLATFORMS
  ruby

DEPENDENCIES
  activerecord
  activesupport
  bcrypt-ruby
  commander
  eleetscript (~> 0.0.13a)
  enumerize
  eventmachine
  pg
  pry
  rake
